PATH
  remote: e:/Projets/master-cap
  specs:
    master-cap (0.1)
      capistrano (~> 2)
      deep_merge
      erubis
      json
      peach
      railsless-deploy

GEM
  remote: http://rubygems.org/
  specs:
    capistrano (2.15.5)
      highline
      net-scp (>= 1.0.0)
      net-sftp (>= 2.0.0)
      net-ssh (>= 2.0.14)
      net-ssh-gateway (>= 1.1.0)
    capistrano_colors (0.5.5)
    deep_merge (1.0.1)
    diff-lcs (1.2.5)
    erubis (2.7.0)
    foodcritic (3.0.3)
      erubis
      gherkin (~> 2.11.7)
      nokogiri (~> 1.5.4)
      rake
      treetop (~> 1.4.10)
      yajl-ruby (~> 1.1.0)
    gherkin (2.11.8)
      multi_json (~> 1.3)
    highline (1.6.21)
    json (1.8.1)
    multi_json (1.9.2)
    net-scp (1.1.2)
      net-ssh (>= 2.6.5)
    net-sftp (2.1.2)
      net-ssh (>= 2.6.5)
    net-ssh (2.8.0)
    net-ssh-gateway (1.2.0)
      net-ssh (>= 2.6.5)
    nokogiri (1.5.11)
    peach (0.5.1)
    polyglot (0.3.4)
    railsless-deploy (1.1.3)
    rake (10.2.2)
    rspec (2.14.1)
      rspec-core (~> 2.14.0)
      rspec-expectations (~> 2.14.0)
      rspec-mocks (~> 2.14.0)
    rspec-core (2.14.8)
    rspec-expectations (2.14.5)
      diff-lcs (>= 1.1.3, < 2.0)
    rspec-mocks (2.14.6)
    serverspec (1.0.0)
      highline
      net-ssh
      rspec (~> 2.13)
      specinfra (>= 1.0.0)
    specinfra (1.0.1)
    treetop (1.4.15)
      polyglot
      polyglot (>= 0.3.1)
    trollop (2.0)
    yajl-ruby (1.1.0)

PLATFORMS
  ruby
  x64-mingw32

DEPENDENCIES
  capistrano
  capistrano_colors
  foodcritic
  master-cap!
  serverspec
  trollop
